PATH
  remote: .
  specs:
    ror (0.1.0)
      thor (~> 0.20.0)

GEM
  remote: https://rubygems.org/
  specs:
    aruba (1.0.0.pre.alpha.2)
      childprocess (~> 0.7.1)
      contracts (~> 0.14)
      cucumber (~> 2.4, >= 2.4.0)
      ffi (~> 1.9, >= 1.9.10)
      rspec-expectations (~> 3.4, >= 3.4.0)
      thor (~> 0.19)
    builder (3.2.3)
    childprocess (0.7.1)
      ffi (~> 1.0, >= 1.0.11)
    contracts (0.16.0)
    cucumber (2.99.0)
      builder (>= 2.1.2)
      cucumber-core (~> 1.5.0)
      cucumber-wire (~> 0.0.1)
      diff-lcs (>= 1.1.3)
      gherkin (~> 4.0)
      multi_json (>= 1.7.5, < 2.0)
      multi_test (>= 0.1.2)
    cucumber-core (1.5.0)
      gherkin (~> 4.0)
    cucumber-wire (0.0.1)
    diff-lcs (1.3)
    ffi (1.9.25)
    gherkin (4.1.3)
    multi_json (1.13.1)
    multi_test (0.1.2)
    rake (10.5.0)
    rspec (3.7.0)
      rspec-core (~> 3.7.0)
      rspec-expectations (~> 3.7.0)
      rspec-mocks (~> 3.7.0)
    rspec-core (3.7.1)
      rspec-support (~> 3.7.0)
    rspec-expectations (3.7.0)
      diff-lcs (>= 1.2.0, < 2.0)
      rspec-support (~> 3.7.0)
    rspec-mocks (3.7.0)
      diff-lcs (>= 1.2.0, < 2.0)
      rspec-support (~> 3.7.0)
    rspec-support (3.7.1)
    thor (0.20.0)

PLATFORMS
  ruby

DEPENDENCIES
  aruba (~> 1.0.0.pre.alpha.2)
  bundler (~> 1.16)
  cucumber (>= 2.4.0)
  rake (~> 10.0)
  ror!
  rspec (~> 3.0)

BUNDLED WITH
   1.16.1
